GEM
  remote: http://rubygems.org/
  specs:
    hotcocoa (0.6.3)

PLATFORMS
  ruby

DEPENDENCIES
  hotcocoa
